GIT
  remote: https://github.com/projectcypress/health-data-standards.git
  revision: 32d56943cf31eb834b434f8f8c0721e4637e5a70
  branch: simple_xml_parser
  specs:
    health-data-standards (3.4.5)
      activesupport (~> 3.2.14)
      builder (~> 3.0.0)
      erubis (~> 2.7.0)
      log4r (~> 1.1.10)
      memoist (~> 0.9.1)
      mongoid (~> 3.1.4)
      mongoid-tree (~> 1.0.4)
      nokogiri (= 1.6.0)
      rest-client (~> 1.6.7)
      rubyzip (= 0.9.9)
      uuid (~> 2.3.7)

GIT
  remote: https://github.com/projecttacoma/simplexml_parser.git
  revision: b11b267042c1ecd3914b81259acc4bc28c8a0944
  branch: master
  specs:
    simplexml_parser (1.0.0)

PATH
  remote: .
  specs:
    bonnie_bundler (1.0.0)

GEM
  remote: http://rubygems.org/
  specs:
    actionmailer (3.2.14)
      actionpack (= 3.2.14)
      mail (~> 2.5.4)
    actionpack (3.2.14)
      activemodel (= 3.2.14)
      activesupport (= 3.2.14)
      builder (~> 3.0.0)
      erubis (~> 2.7.0)
      journey (~> 1.0.4)
      rack (~> 1.4.5)
      rack-cache (~> 1.2)
      rack-test (~> 0.6.1)
      sprockets (~> 2.2.1)
    activemodel (3.2.14)
      activesupport (= 3.2.14)
      builder (~> 3.0.0)
    activerecord (3.2.14)
      activemodel (= 3.2.14)
      activesupport (= 3.2.14)
      arel (~> 3.0.2)
      tzinfo (~> 0.3.29)
    activeresource (3.2.14)
      activemodel (= 3.2.14)
      activesupport (= 3.2.14)
    activesupport (3.2.14)
      i18n (~> 0.6, >= 0.6.4)
      multi_json (~> 1.0)
    ansi (1.4.3)
    arel (3.0.3)
    awesome_print (1.2.0)
    builder (3.0.4)
    coderay (1.1.0)
    coffee-script (2.2.0)
      coffee-script-source
      execjs
    coffee-script-source (1.6.3)
    delayed_job (3.0.5)
      activesupport (~> 3.0)
    delayed_job_mongoid (2.0.0)
      delayed_job (~> 3.0)
      mongoid (~> 3.0)
    docile (1.1.1)
    erubis (2.7.0)
    execjs (2.0.2)
    hike (1.2.3)
    hqmf2js (1.3.0)
    hquery-patient-api (1.0.4)
    i18n (0.6.9)
    journey (1.0.4)
    json (1.8.1)
    libv8 (3.16.14.3)
    log4r (1.1.10)
    macaddr (1.7.1)
      systemu (~> 2.6.2)
    mail (2.5.4)
      mime-types (~> 1.16)
      treetop (~> 1.4.8)
    memoist (0.9.2)
    method_source (0.8.2)
    mime-types (1.25.1)
    mini_portile (0.5.3)
    minitest (4.7.5)
    mongoid (3.1.6)
      activemodel (~> 3.2)
      moped (~> 1.4)
      origin (~> 1.0)
      tzinfo (~> 0.3.29)
    mongoid-tree (1.0.4)
      mongoid (>= 3.0, <= 4.0)
    moped (1.5.2)
    multi_json (1.9.2)
    nokogiri (1.6.0)
      mini_portile (~> 0.5.0)
    origin (1.1.0)
    polyglot (0.3.3)
    pry (0.9.12.4)
      coderay (~> 1.0)
      method_source (~> 0.8)
      slop (~> 3.4)
    quality-measure-engine (3.0.0)
      delayed_job_mongoid (~> 2.0.0)
      mongoid (~> 3.1.4)
      moped (~> 1.5.1)
      rubyzip (~> 0.9.9)
    rack (1.4.5)
    rack-cache (1.2)
      rack (>= 0.4)
    rack-ssl (1.3.3)
      rack
    rack-test (0.6.2)
      rack (>= 1.0)
    rails (3.2.14)
      actionmailer (= 3.2.14)
      actionpack (= 3.2.14)
      activerecord (= 3.2.14)
      activeresource (= 3.2.14)
      activesupport (= 3.2.14)
      bundler (~> 1.0)
      railties (= 3.2.14)
    railties (3.2.14)
      actionpack (= 3.2.14)
      activesupport (= 3.2.14)
      rack-ssl (~> 1.3.2)
      rake (>= 0.8.7)
      rdoc (~> 3.4)
      thor (>= 0.14.6, < 2.0)
    rake (10.1.0)
    rdoc (3.12.2)
      json (~> 1.4)
    ref (1.0.5)
    rest-client (1.6.7)
      mime-types (>= 1.16)
    roo (1.12.2)
      nokogiri
      rubyzip
      spreadsheet (> 0.6.4)
    ruby-ole (1.2.11.7)
    rubyzip (0.9.9)
    simplecov (0.8.2)
      docile (~> 1.1.0)
      multi_json
      simplecov-html (~> 0.8.0)
    simplecov-html (0.8.0)
    slop (3.4.7)
    spreadsheet (0.9.6)
      ruby-ole (>= 1.0)
    sprockets (2.2.2)
      hike (~> 1.2)
      multi_json (~> 1.0)
      rack (~> 1.0)
      tilt (~> 1.1, != 1.3.0)
    systemu (2.6.4)
    therubyracer (0.12.0)
      libv8 (~> 3.16.14.0)
      ref
    thor (0.18.1)
    tilt (1.4.1)
    treetop (1.4.15)
      polyglot
      polyglot (>= 0.3.1)
    turn (0.9.6)
      ansi
    tzinfo (0.3.39)
    uuid (2.3.7)
      macaddr (~> 1.0)

PLATFORMS
  ruby

DEPENDENCIES
  awesome_print
  bonnie_bundler!
  coffee-script
  health-data-standards!
  hqmf2js (= 1.3.0)
  hquery-patient-api (= 1.0.4)
  minitest (~> 4.0)
  mongoid
  pry
  quality-measure-engine (= 3.0.0)
  rails (= 3.2.14)
  rake
  roo
  rubyzip (< 1.0.0)
  simplecov
  simplexml_parser!
  sprockets
  therubyracer
  tilt
  turn
